GEM
  remote: https://rubygems.org/
  specs:
    base64 (0.1.1)

PLATFORMS
  ruby

DEPENDENCIES
  base64

BUNDLED WITH
   2.4.7
